GEM
  remote: http://rubygems.org/
  specs:
    rake (10.2.2)

PLATFORMS
  ruby

DEPENDENCIES
  rake
